GEM
  remote: http://rubygems.org/
  specs:
    chunky_png (1.2.5)
    compass (0.12.1)
      chunky_png (~> 1.2)
      fssm (>= 0.2.7)
      sass (~> 3.1)
    compass-susy-plugin (0.9)
      compass (>= 0.11.1)
    fssm (0.2.9)
    sass (3.2.0.alpha.104)

PLATFORMS
  ruby

DEPENDENCIES
  compass
  compass-susy-plugin
  sass (~> 3.2.0.alpha.104)
